PATH
  remote: .
  specs:
    roro (0.3.32)
      activesupport (~> 7.1, >= 7.1.3.2)
      base64 (~> 0.2.0)
      deep_merge (~> 1.2, >= 1.2.2)
      gem-release (~> 2.1)
      os (~> 1.1, >= 1.1.4)
      rake (~> 13.1)
      rb-readline (~> 0.5.5)
      sshkit (~> 1.22)
      thor (~> 1.3, >= 1.3.1)

GEM
  remote: https://rubygems.org/
  specs:
    activesupport (7.1.3.2)
      base64
      bigdecimal
      concurrent-ruby (~> 1.0, >= 1.0.2)
      connection_pool (>= 2.2.5)
      drb
      i18n (>= 1.6, < 2)
      minitest (>= 5.1)
      mutex_m
      tzinfo (~> 2.0)
    base64 (0.2.0)
    bigdecimal (3.1.6)
    climate_control (1.0.0)
    coderay (1.1.3)
    concurrent-ruby (1.2.2)
    connection_pool (2.4.1)
    debug (1.9.1)
      irb (~> 1.10)
      reline (>= 0.3.8)
    deep_merge (1.2.2)
    drb (2.2.0)
      ruby2_keywords
    ffi (1.15.4)
    formatador (0.3.0)
    gem-release (2.2.2)
    given_core (3.8.2)
      sorcerer (>= 0.3.7)
    guard (2.18.0)
      formatador (>= 0.2.4)
      listen (>= 2.7, < 4.0)
      lumberjack (>= 1.0.12, < 2.0)
      nenv (~> 0.1)
      notiffany (~> 0.0)
      pry (>= 0.13.0)
      shellany (~> 0.0)
      thor (>= 0.18.1)
    guard-compat (1.2.1)
    guard-minitest (2.4.6)
      guard-compat (~> 1.2)
      minitest (>= 3.0)
    i18n (1.14.1)
      concurrent-ruby (~> 1.0)
    io-console (0.7.2)
    irb (1.12.0)
      rdoc
      reline (>= 0.4.2)
    listen (3.7.0)
      rb-fsevent (~> 0.10, >= 0.10.3)
      rb-inotify (~> 0.9, >= 0.9.10)
    lumberjack (1.2.8)
    method_source (1.0.0)
    minitest (5.14.4)
    minitest-ci (3.4.0)
      minitest (>= 5.0.6)
    minitest-focus (1.3.1)
      minitest (>= 4, < 6)
    minitest-given (3.8.2)
      given_core (= 3.8.2)
      minitest (> 4.3)
    minitest-hooks (1.5.0)
      minitest (> 5.3)
    minitest-profile (0.0.2)
    mocha (1.13.0)
    mutex_m (0.2.0)
    nenv (0.3.0)
    net-scp (3.0.0)
      net-ssh (>= 2.6.5, < 7.0.0)
    net-sftp (4.0.0)
      net-ssh (>= 5.0.0, < 8.0.0)
    net-ssh (6.1.0)
    notiffany (0.1.3)
      nenv (~> 0.1)
      shellany (~> 0.0)
    os (1.1.4)
    pry (0.14.1)
      coderay (~> 1.1)
      method_source (~> 1.0)
    psych (5.1.2)
      stringio
    rake (13.1.0)
    rb-fsevent (0.11.0)
    rb-inotify (0.10.1)
      ffi (~> 1.0)
    rb-readline (0.5.5)
    rdoc (6.6.2)
      psych (>= 4.0.0)
    reline (0.4.3)
      io-console (~> 0.5)
    ruby2_keywords (0.0.5)
    shellany (0.0.1)
    sorcerer (2.0.1)
    sshkit (1.22.0)
      mutex_m
      net-scp (>= 1.1.2)
      net-sftp (>= 2.1.2)
      net-ssh (>= 2.8.0)
    stringio (3.1.0)
    thor (1.3.1)
    tzinfo (2.0.6)
      concurrent-ruby (~> 1.0)

PLATFORMS
  x86_64-linux

DEPENDENCIES
  bundler (~> 2.1, >= 2.1.4)
  climate_control
  debug (~> 1.9, >= 1.9.1)
  guard
  guard-minitest
  minitest-ci (~> 3.4)
  minitest-focus
  minitest-given
  minitest-hooks
  minitest-profile
  mocha (~> 1.11, >= 1.11.2)
  roro!

BUNDLED WITH
   2.5.10
